PATH
  remote: .
  specs:
    jio (0.1)

GEM
  remote: http://rubygems.org/
  specs:
    rake (13.0.1)
    rake-compiler (0.8.1)
      rake

PLATFORMS
  ruby

DEPENDENCIES
  jio!
  rake
  rake-compiler (~> 0.8.1)
